PATH
  remote: .
  specs:
    winged (1.0.0)
      nokogiri (~> 1.6)
      rack (~> 1.1)

GEM
  remote: https://rubygems.org/
  specs:
    mini_portile (0.6.0)
    nokogiri (1.6.3.1)
      mini_portile (= 0.6.0)
    rack (1.4.5)
    rake (10.3.2)

PLATFORMS
  ruby

DEPENDENCIES
  rake
  winged!
